GEM
  remote: https://rubygems.org/
  specs:
    coderay (1.1.1)
    excon (0.55.0)
    highline (1.7.8)
    json (2.0.3)
    method_source (0.8.2)
    multi_json (1.12.1)
    neography (1.8.0)
      excon (>= 0.33.0)
      json (>= 1.7.7)
      multi_json (>= 1.3.2)
      os (>= 0.9.6)
      rake (>= 0.8.7)
      rubyzip (>= 1.0.0)
    os (1.0.0)
    pry (0.10.4)
      coderay (~> 1.1.0)
      method_source (~> 0.8.1)
      slop (~> 3.4)
    rake (12.0.0)
    rubyzip (1.2.1)
    slop (3.6.0)

PLATFORMS
  ruby

DEPENDENCIES
  highline
  neography
  pry

RUBY VERSION
   ruby 2.4.0p0

BUNDLED WITH
   1.14.4
